GEM
  remote: https://rubygems.org/
  specs:
    actioncable (5.1.4)
      actionpack (= 5.1.4)
      nio4r (~> 2.0)
      websocket-driver (~> 0.6.1)
    actionmailer (5.1.4)
      actionpack (= 5.1.4)
      actionview (= 5.1.4)
      activejob (= 5.1.4)
      mail (~> 2.5, >= 2.5.4)
      rails-dom-testing (~> 2.0)
    actionpack (5.1.4)
      actionview (= 5.1.4)
      activesupport (= 5.1.4)
      rack (~> 2.0)
      rack-test (>= 0.6.3)
      rails-dom-testing (~> 2.0)
      rails-html-sanitizer (~> 1.0, >= 1.0.2)
    actionview (5.1.4)
      activesupport (= 5.1.4)
      builder (~> 3.1)
      erubi (~> 1.4)
      rails-dom-testing (~> 2.0)
      rails-html-sanitizer (~> 1.0, >= 1.0.3)
    active_model_serializers (0.10.7)
      actionpack (>= 4.1, < 6)
      activemodel (>= 4.1, < 6)
      case_transform (>= 0.2)
      jsonapi-renderer (>= 0.1.1.beta1, < 0.3)
    activejob (5.1.4)
      activesupport (= 5.1.4)
      globalid (>= 0.3.6)
    activemodel (5.1.4)
      activesupport (= 5.1.4)
    activerecord (5.1.4)
      activemodel (= 5.1.4)
      activesupport (= 5.1.4)
      arel (~> 8.0)
    activesupport (5.1.4)
      concurrent-ruby (~> 1.0, >= 1.0.2)
      i18n (~> 0.7)
      minitest (~> 5.1)
      tzinfo (~> 1.1)
    addressable (2.5.2)
      public_suffix (>= 2.0.2, < 4.0)
    airbrussh (1.3.0)
      sshkit (>= 1.6.1, != 1.7.0)
    arel (8.0.0)
    ast (2.4.0)
    aws-sdk (2.3.22)
      aws-sdk-resources (= 2.3.22)
    aws-sdk-core (2.3.22)
      jmespath (~> 1.0)
    aws-sdk-resources (2.3.22)
      aws-sdk-core (= 2.3.22)
    bcrypt (3.1.11)
    binding_of_caller (0.8.0)
      debug_inspector (>= 0.0.1)
    blanket_wrapper (3.0.2)
      httparty
      recursive-open-struct
    builder (3.2.3)
    byebug (10.0.0)
    capistrano (3.10.1)
      airbrussh (>= 1.0.0)
      i18n
      rake (>= 10.0.0)
      sshkit (>= 1.9.0)
    capistrano-bundler (1.3.0)
      capistrano (~> 3.1)
      sshkit (~> 1.2)
    capistrano-rails (1.3.1)
      capistrano (~> 3.1)
      capistrano-bundler (~> 1.1)
    capistrano-rails-console (2.2.1)
      capistrano (>= 3.5.0, < 4.0.0)
      sshkit-interactive (~> 0.2.0)
    capistrano-rvm (0.1.2)
      capistrano (~> 3.0)
      sshkit (~> 1.2)
    capistrano-sidekiq (1.0.0)
      capistrano (>= 3.9.0)
      sidekiq (>= 3.4)
    capistrano3-puma (3.1.1)
      capistrano (~> 3.7)
      capistrano-bundler
      puma (~> 3.4)
    case_transform (0.2)
      activesupport
    climate_control (0.2.0)
    cocaine (0.5.8)
      climate_control (>= 0.0.3, < 1.0)
    concurrent-ruby (1.0.5)
    connection_pool (2.2.1)
    crass (1.0.3)
    debug_inspector (0.0.3)
    declarative (0.0.10)
    declarative-builder (0.1.0)
      declarative-option (< 0.2.0)
    declarative-option (0.1.0)
    diff-lcs (1.3)
    disposable (0.4.3)
      declarative (>= 0.0.9, < 1.0.0)
      declarative-builder (< 0.2.0)
      declarative-option (< 0.2.0)
      representable (>= 2.4.0, <= 3.1.0)
      uber (< 0.2.0)
    dry-matcher (0.7.0)
    erubi (1.7.0)
    factory_girl (4.9.0)
      activesupport (>= 3.0.0)
    factory_girl_rails (4.9.0)
      factory_girl (~> 4.9.0)
      railties (>= 3.0.0)
    faker (1.8.7)
      i18n (>= 0.7)
    ffi (1.9.18)
    git (1.3.0)
    globalid (0.4.1)
      activesupport (>= 4.2.0)
    httparty (0.15.6)
      multi_xml (>= 0.5.2)
    i18n (0.9.3)
      concurrent-ruby (~> 1.0)
    iso_country_codes (0.7.8)
    jmespath (1.3.1)
    json (1.8.6)
    json-schema (2.8.0)
      addressable (>= 2.4)
    jsonapi-renderer (0.2.0)
    jwt (2.1.0)
    levenshtein-ffi (1.1.0)
      ffi (~> 1.9)
    loofah (2.1.1)
      crass (~> 1.0.2)
      nokogiri (>= 1.5.9)
    mail (2.7.0)
      mini_mime (>= 0.1.1)
    method_source (0.9.0)
    mime-types (3.1)
      mime-types-data (~> 3.2015)
    mime-types-data (3.2016.0521)
    mimemagic (0.3.2)
    mini_mime (1.0.0)
    mini_portile2 (2.3.0)
    minitest (5.11.3)
    multi_json (1.13.1)
    multi_xml (0.6.0)
    net-scp (1.2.1)
      net-ssh (>= 2.6.5)
    net-ssh (4.2.0)
    nio4r (2.2.0)
    nokogiri (1.8.2)
      mini_portile2 (~> 2.3.0)
    paperclip (5.0.0)
      activemodel (>= 4.2.0)
      activesupport (>= 4.2.0)
      cocaine (~> 0.5.5)
      mime-types
      mimemagic (~> 0.3.0)
    parallel (1.12.1)
    parser (2.4.0.2)
      ast (~> 2.3)
    pg (0.21.0)
    pipetree (0.1.1)
    powerpack (0.1.1)
    public_suffix (3.0.1)
    puma (3.11.2)
    rack (2.0.4)
    rack-cors (1.0.2)
    rack-protection (2.0.0)
      rack
    rack-test (0.8.2)
      rack (>= 1.0, < 3)
    rails (5.1.4)
      actioncable (= 5.1.4)
      actionmailer (= 5.1.4)
      actionpack (= 5.1.4)
      actionview (= 5.1.4)
      activejob (= 5.1.4)
      activemodel (= 5.1.4)
      activerecord (= 5.1.4)
      activesupport (= 5.1.4)
      bundler (>= 1.3.0)
      railties (= 5.1.4)
      sprockets-rails (>= 2.0.0)
    rails-dom-testing (2.0.3)
      activesupport (>= 4.2.0)
      nokogiri (>= 1.6)
    rails-html-sanitizer (1.0.3)
      loofah (~> 2.0)
    railties (5.1.4)
      actionpack (= 5.1.4)
      activesupport (= 5.1.4)
      method_source
      rake (>= 0.8.7)
      thor (>= 0.18.1, < 2.0)
    rainbow (3.0.0)
    rake (12.3.0)
    rb-readline (0.5.5)
    rdoc (4.3.0)
    recursive-open-struct (1.1.0)
    redis (4.0.1)
    reform (2.2.4)
      disposable (>= 0.4.1)
      representable (>= 2.4.0, < 3.1.0)
    reform-rails (0.1.7)
      activemodel (>= 3.2)
      reform (>= 2.2.0)
    representable (3.0.4)
      declarative (< 0.1.0)
      declarative-option (< 0.2.0)
      uber (< 0.2.0)
    rolify (5.2.0)
    rspec-core (3.7.1)
      rspec-support (~> 3.7.0)
    rspec-expectations (3.7.0)
      diff-lcs (>= 1.2.0, < 2.0)
      rspec-support (~> 3.7.0)
    rspec-json_expectations (2.1.0)
    rspec-mocks (3.7.0)
      diff-lcs (>= 1.2.0, < 2.0)
      rspec-support (~> 3.7.0)
    rspec-rails (3.7.2)
      actionpack (>= 3.0)
      activesupport (>= 3.0)
      railties (>= 3.0)
      rspec-core (~> 3.7.0)
      rspec-expectations (~> 3.7.0)
      rspec-mocks (~> 3.7.0)
      rspec-support (~> 3.7.0)
    rspec-support (3.7.1)
    rubocop (0.52.1)
      parallel (~> 1.10)
      parser (>= 2.4.0.2, < 3.0)
      powerpack (~> 0.1)
      rainbow (>= 2.2.2, < 4.0)
      ruby-progressbar (~> 1.7)
      unicode-display_width (~> 1.0, >= 1.0.1)
    ruby-progressbar (1.9.0)
    rubyXL (3.3.27)
      nokogiri (>= 1.4.4)
      rubyzip (>= 1.1.6)
    rubyzip (1.2.1)
    sdoc (0.4.2)
      json (~> 1.7, >= 1.7.7)
      rdoc (~> 4.0)
    shoulda-matchers (3.1.2)
      activesupport (>= 4.0.0)
    sidekiq (5.1.0)
      concurrent-ruby (~> 1.0)
      connection_pool (~> 2.2, >= 2.2.0)
      rack-protection (>= 1.5.0)
      redis (>= 3.3.4, < 5)
    simple_command (0.0.9)
    sprockets (3.7.1)
      concurrent-ruby (~> 1.0)
      rack (> 1, < 3)
    sprockets-rails (3.2.1)
      actionpack (>= 4.0)
      activesupport (>= 4.0)
      sprockets (>= 3.0.0)
    sshkit (1.16.0)
      net-scp (>= 1.1.2)
      net-ssh (>= 2.8.0)
    sshkit-interactive (0.2.3)
      sshkit (~> 1.12)
    sshkit-sudo (0.1.0)
      sshkit (~> 1.8)
    story_branch (0.2.11)
      blanket_wrapper (~> 3.0)
      git (~> 1.2)
      levenshtein-ffi (~> 1.0)
      rb-readline (~> 0.5)
    thor (0.20.0)
    thread_safe (0.3.6)
    timecop (0.9.1)
    trailblazer (2.0.7)
      declarative
      reform (>= 2.2.0, < 3.0.0)
      trailblazer-operation (>= 0.0.12, < 0.1.0)
    trailblazer-loader (0.1.2)
    trailblazer-operation (0.0.13)
      declarative
      pipetree (>= 0.1.1, < 0.2.0)
      uber
    trailblazer-rails (1.0.5)
      reform-rails (>= 0.1.4, < 0.2.0)
      trailblazer (>= 2.0.0, < 2.1.0)
      trailblazer-loader (>= 0.1.0)
    tzinfo (1.2.4)
      thread_safe (~> 0.1)
    uber (0.1.0)
    unicode-display_width (1.3.0)
    web-console (2.3.0)
      activemodel (>= 4.0)
      binding_of_caller (>= 0.7.2)
      railties (>= 4.0)
      sprockets-rails (>= 2.0, < 4.0)
    websocket-driver (0.6.5)
      websocket-extensions (>= 0.1.0)
    websocket-extensions (0.1.3)

PLATFORMS
  ruby

DEPENDENCIES
  active_model_serializers
  aws-sdk (~> 2.3.0)
  bcrypt (~> 3.1.7)
  bundler (>= 1.8.4)
  byebug
  capistrano
  capistrano-bundler
  capistrano-rails
  capistrano-rails-console
  capistrano-rvm
  capistrano-sidekiq
  capistrano3-puma
  dry-matcher
  factory_girl_rails
  faker
  iso_country_codes
  json-schema
  jwt
  multi_json
  paperclip (~> 5.0.0)
  pg (< 1.0)
  puma
  rack-cors
  rails (~> 5.1)
  rolify
  rspec-json_expectations
  rspec-rails (~> 3.0)
  rubocop
  rubyXL
  sdoc (~> 0.4.0)
  shoulda-matchers (~> 3.1)
  sidekiq
  simple_command
  sshkit-sudo
  story_branch
  timecop
  trailblazer-rails (~> 1.0)
  web-console (~> 2.0)

BUNDLED WITH
   1.14.6
